PATH
  remote: .
  specs:
    rhino-framework (0.1.0)
      bundler (~> 1.7)
      erubis (~> 2.7)
      multi_json (~> 1.11)
      rake (~> 10.0)
      sqlite3 (~> 1.3)

GEM
  remote: https://rubygems.org/
  specs:
    coderay (1.1.0)
    erubis (2.7.0)
    method_source (0.8.2)
    minitest (5.7.0)
    multi_json (1.11.2)
    power_assert (0.2.3)
    pry (0.10.1)
      coderay (~> 1.1.0)
      method_source (~> 0.8.1)
      slop (~> 3.4)
    rack (1.6.4)
    rack-test (0.6.3)
      rack (>= 1.0)
    rake (10.4.2)
    slop (3.6.0)
    sqlite3 (1.3.10)
    test-unit (3.1.2)
      power_assert

PLATFORMS
  ruby

DEPENDENCIES
  minitest (~> 5.5)
  pry (~> 0.10)
  rack-test (~> 0.6)
  rhino-framework!
  test-unit (~> 3.0)
