GEM
  remote: https://rubygems.org/
  specs:
    rhino (0.0.1)

PLATFORMS
  ruby

DEPENDENCIES
  rhino
